GEM
  remote: https://rubygems.org/
  specs:
    chunky_png (1.3.8)
    fastimage (2.1.0)
    gemoji (3.0.0)
    minitest (5.10.1)
    sprite-factory (1.7.1)

PLATFORMS
  ruby

DEPENDENCIES
  chunky_png
  fastimage
  gemoji (~> 3.0.0)
  minitest
  sprite-factory

BUNDLED WITH
   1.16.1
